GEM
  remote: https://rubygems.org/
  specs:
    gmail (0.6.0)
      gmail_xoauth (>= 0.3.0)
      mail (>= 2.2.1)
    gmail_xoauth (0.4.1)
      oauth (>= 0.3.6)
    mail (2.6.3)
      mime-types (>= 1.16, < 3)
    mime-types (2.99)
    oauth (0.4.7)

PLATFORMS
  ruby

DEPENDENCIES
  gmail

BUNDLED WITH
   1.10.6
